GEM
  remote: https://rubygems.org/
  specs:
    rack (2.2.4)
    rulers (0.0.1)
      rack (~> 2.2.4)

PLATFORMS
  x86_64-darwin-21

DEPENDENCIES
  rulers

BUNDLED WITH
   2.3.7
